GEM
  remote: https://rubygems.org/
  specs:
    coderay (1.1.2)
    colorize (0.8.1)
    method_source (0.9.1)
    pry (0.12.0)
      coderay (~> 1.1.0)
      method_source (~> 0.9.0)
    rainbow (3.0.0)
    sounder (1.2.0)

PLATFORMS
  ruby

DEPENDENCIES
  colorize (~> 0.8.1)
  pry (~> 0.12.0)
  rainbow
  sounder (~> 1.2)

BUNDLED WITH
   1.17.1
